PATH
  remote: .
  specs:
    ruby-watchr (0.4.0)
      flay
      flog
      reek
      ruby2ruby

GEM
  remote: http://rubygems.org/
  specs:
    activesupport (3.2.9)
      i18n (~> 0.6)
      multi_json (~> 1.0)
    diff-lcs (1.1.3)
    flay (1.4.3)
      ruby_parser (~> 2.0)
      sexp_processor (~> 3.0)
    flog (2.5.3)
      ruby_parser (~> 2.0)
      sexp_processor (~> 3.0)
    i18n (0.6.1)
    metaclass (0.0.1)
    mocha (0.13.0)
      metaclass (~> 0.0.1)
    multi_json (1.3.7)
    reek (1.2.12)
      ripper_ruby_parser (~> 0.0.7)
      ruby2ruby (~> 1.2.5)
      ruby_parser (~> 2.0)
      sexp_processor (~> 3.0)
    ripper_ruby_parser (0.0.8)
      sexp_processor (~> 3.0)
    rspec (2.12.0)
      rspec-core (~> 2.12.0)
      rspec-expectations (~> 2.12.0)
      rspec-mocks (~> 2.12.0)
    rspec-core (2.12.0)
    rspec-expectations (2.12.0)
      diff-lcs (~> 1.1.3)
    rspec-mocks (2.12.0)
    ruby2ruby (1.2.5)
      ruby_parser (~> 2.0)
      sexp_processor (~> 3.0)
    ruby_parser (2.3.1)
      sexp_processor (~> 3.0)
    sexp_processor (3.2.0)
    shoulda-matchers (1.4.1)
      activesupport (>= 3.0.0)

PLATFORMS
  ruby

DEPENDENCIES
  flay (= 1.4.3)
  flog (= 2.5.3)
  mocha
  reek (= 1.2.12)
  rspec
  ruby-watchr!
  shoulda-matchers
